STORAGE: NONE
NUGET
  remote: https://api.nuget.org/v3/index.json
    Avalonia (0.10.13) - restriction: >= netstandard2.0
      Avalonia.Remote.Protocol (>= 0.10.13) - restriction: || (>= net461) (>= netstandard2.0)
      JetBrains.Annotations (>= 10.3) - restriction: || (>= net461) (>= netstandard2.0)
      System.ComponentModel.Annotations (>= 4.5) - restriction: || (>= net461) (>= netstandard2.0)
      System.Memory (>= 4.5.3) - restriction: || (>= net461) (>= netstandard2.0)
      System.Reactive (>= 5.0) - restriction: || (>= net461) (>= netstandard2.0)
      System.Runtime.CompilerServices.Unsafe (>= 4.6) - restriction: || (>= net461) (>= netstandard2.0)
      System.Runtime.InteropServices.RuntimeInformation (>= 4.3) - restriction: >= net461
      System.ValueTuple (>= 4.5) - restriction: || (>= net461) (>= netstandard2.0)
    Avalonia.Angle.Windows.Natives (2.1.0.2020091801) - restriction: >= netstandard2.0
    Avalonia.Controls.DataGrid (0.10.13) - restriction: >= netstandard2.0
      Avalonia (>= 0.10.13) - restriction: >= netstandard2.0
      Avalonia.Remote.Protocol (>= 0.10.13) - restriction: >= netstandard2.0
      JetBrains.Annotations (>= 10.3) - restriction: >= netstandard2.0
      System.Reactive (>= 5.0) - restriction: >= netstandard2.0
    Avalonia.Desktop (0.10.12)
      Avalonia (>= 0.10.12) - restriction: >= netstandard2.0
      Avalonia.Native (>= 0.10.12) - restriction: >= netstandard2.0
      Avalonia.Skia (>= 0.10.12) - restriction: >= netstandard2.0
      Avalonia.Win32 (>= 0.10.12) - restriction: >= netstandard2.0
      Avalonia.X11 (>= 0.10.12) - restriction: >= netstandard2.0
    Avalonia.Diagnostics (0.10.12)
      Avalonia (>= 0.10.12) - restriction: >= netstandard2.0
      Avalonia.Controls.DataGrid (>= 0.10.12) - restriction: >= netstandard2.0
      Microsoft.CodeAnalysis.CSharp.Scripting (>= 3.4) - restriction: >= netstandard2.0
      System.Reactive (>= 5.0) - restriction: >= netstandard2.0
    Avalonia.FreeDesktop (0.10.13) - restriction: >= netstandard2.0
      Avalonia (>= 0.10.13) - restriction: >= netstandard2.0
      Tmds.DBus (>= 0.9) - restriction: >= netstandard2.0
    Avalonia.Native (0.10.13) - restriction: >= netstandard2.0
      Avalonia (>= 0.10.13) - restriction: >= netstandard2.0
    Avalonia.Remote.Protocol (0.10.13) - restriction: >= netstandard2.0
    Avalonia.Skia (0.10.13) - restriction: >= netstandard2.0
      Avalonia (>= 0.10.13) - restriction: >= netstandard2.0
      HarfBuzzSharp (>= 2.8.2-preview.178) - restriction: >= netstandard2.0
      HarfBuzzSharp.NativeAssets.Linux (>= 2.8.2-preview.178) - restriction: >= netstandard2.0
      HarfBuzzSharp.NativeAssets.WebAssembly (>= 2.8.2-preview.178) - restriction: >= netstandard2.0
      SkiaSharp (>= 2.88.0-preview.178) - restriction: >= netstandard2.0
      SkiaSharp.NativeAssets.Linux (>= 2.88.0-preview.178) - restriction: >= netstandard2.0
      SkiaSharp.NativeAssets.WebAssembly (>= 2.88.0-preview.178) - restriction: >= netstandard2.0
    Avalonia.Win32 (0.10.13) - restriction: >= netstandard2.0
      Avalonia (>= 0.10.13) - restriction: >= netstandard2.0
      Avalonia.Angle.Windows.Natives (>= 2.1.0.2020091801) - restriction: >= netstandard2.0
      System.Drawing.Common (>= 4.5) - restriction: >= netstandard2.0
      System.Numerics.Vectors (>= 4.5) - restriction: >= netstandard2.0
    Avalonia.X11 (0.10.13) - restriction: >= netstandard2.0
      Avalonia (>= 0.10.13) - restriction: >= netstandard2.0
      Avalonia.FreeDesktop (>= 0.10.13) - restriction: >= netstandard2.0
      Avalonia.Skia (>= 0.10.13) - restriction: >= netstandard2.0
    Elmish (3.1) - restriction: >= net5.0
      FSharp.Core (>= 4.6.2) - restriction: || (>= net461) (>= netstandard1.6)
    FSharp.Core (6.0.3)
    HarfBuzzSharp (2.8.2-preview.232) - restriction: >= netstandard2.0
      HarfBuzzSharp.NativeAssets.Android (>= 2.8.2-preview.232) - restriction: || (&& (>= monoandroid) (< netstandard1.3)) (>= net6.0-android)
      HarfBuzzSharp.NativeAssets.iOS (>= 2.8.2-preview.232) - restriction: >= xamarinios
      HarfBuzzSharp.NativeAssets.macOS (>= 2.8.2-preview.232) - restriction: || (&& (< monoandroid) (>= netstandard1.3) (< netstandard2.0) (< uap10.1) (< xamarintvos) (< xamarinwatchos)) (>= net462) (&& (< net6.0-android) (>= netstandard2.0) (< xamarinios) (< xamarintvos) (< xamarinwatchos)) (>= xamarinmac)
      HarfBuzzSharp.NativeAssets.tvOS (>= 2.8.2-preview.232) - restriction: >= xamarintvos
      HarfBuzzSharp.NativeAssets.watchOS (>= 2.8.2-preview.232) - restriction: >= xamarinwatchos
      HarfBuzzSharp.NativeAssets.Win32 (>= 2.8.2-preview.232) - restriction: || (&& (< monoandroid) (>= netstandard1.3) (< netstandard2.0) (< uap10.1) (< xamarintvos) (< xamarinwatchos)) (>= net462) (&& (< net6.0-android) (>= netstandard2.0) (< xamarinios) (< xamarinmac) (< xamarintvos) (< xamarinwatchos))
      System.Memory (>= 4.5.3) - restriction: || (&& (< monoandroid) (>= netstandard1.3) (< netstandard2.0) (< xamarintvos) (< xamarinwatchos)) (>= net462) (&& (< net6.0-android) (>= netstandard2.0) (< xamarinios) (< xamarinmac) (< xamarintvos) (< xamarinwatchos)) (>= tizen4.0) (>= uap10.1)
    HarfBuzzSharp.NativeAssets.Android (2.8.2-preview.232) - restriction: || (&& (>= monoandroid) (< netstandard1.3) (>= netstandard2.0)) (>= net6.0-android)
    HarfBuzzSharp.NativeAssets.iOS (2.8.2-preview.232) - restriction: >= xamarinios
    HarfBuzzSharp.NativeAssets.Linux (2.8.2-preview.232) - restriction: >= netstandard2.0
      HarfBuzzSharp (>= 2.8.2-preview.232) - restriction: >= netstandard1.3
    HarfBuzzSharp.NativeAssets.macOS (2.8.2-preview.232) - restriction: || (&& (>= net462) (>= netstandard2.0)) (&& (< net6.0-android) (>= netstandard2.0) (< xamarinios) (< xamarintvos) (< xamarinwatchos)) (>= xamarinmac)
    HarfBuzzSharp.NativeAssets.tvOS (2.8.2-preview.232) - restriction: && (>= netstandard2.0) (>= xamarintvos)
    HarfBuzzSharp.NativeAssets.watchOS (2.8.2-preview.232) - restriction: && (>= netstandard2.0) (>= xamarinwatchos)
    HarfBuzzSharp.NativeAssets.WebAssembly (2.8.2-preview.232) - restriction: >= netstandard2.0
    HarfBuzzSharp.NativeAssets.Win32 (2.8.2-preview.232) - restriction: || (&& (>= net462) (>= netstandard2.0)) (&& (< net6.0-android) (>= netstandard2.0) (< xamarinios) (< xamarinmac) (< xamarintvos) (< xamarinwatchos))
    JaggerJo.Avalonia.FuncUI (0.5)
      Avalonia (>= 0.10.12) - restriction: >= net5.0
      Avalonia.Desktop (>= 0.10.12) - restriction: >= net5.0
      FSharp.Core (>= 6.0.2) - restriction: >= net5.0
    JaggerJo.Avalonia.FuncUI.DSL (0.5)
      FSharp.Core (>= 6.0.2) - restriction: >= net5.0
      JaggerJo.Avalonia.FuncUI (>= 0.5) - restriction: >= net5.0
    JaggerJo.Avalonia.FuncUI.Elmish (0.5)
      Elmish (>= 3.1) - restriction: >= net5.0
      FSharp.Core (>= 6.0.2) - restriction: >= net5.0
      JaggerJo.Avalonia.FuncUI (>= 0.5) - restriction: >= net5.0
    JetBrains.Annotations (2021.3) - restriction: >= netstandard2.0
    Microsoft.CodeAnalysis.Analyzers (3.3.3) - restriction: >= netstandard2.0
    Microsoft.CodeAnalysis.Common (4.1) - restriction: >= netstandard2.0
      Microsoft.CodeAnalysis.Analyzers (>= 3.3.3) - restriction: >= netstandard2.0
      System.Collections.Immutable (>= 5.0) - restriction: >= netstandard2.0
      System.Memory (>= 4.5.4) - restriction: >= netstandard2.0
      System.Reflection.Metadata (>= 5.0) - restriction: >= netstandard2.0
      System.Runtime.CompilerServices.Unsafe (>= 5.0) - restriction: >= netstandard2.0
      System.Text.Encoding.CodePages (>= 4.5.1) - restriction: >= netstandard2.0
      System.Threading.Tasks.Extensions (>= 4.5.4) - restriction: >= netstandard2.0
    Microsoft.CodeAnalysis.CSharp (4.1) - restriction: >= netstandard2.0
      Microsoft.CodeAnalysis.Common (4.1) - restriction: >= netstandard2.0
    Microsoft.CodeAnalysis.CSharp.Scripting (4.1) - restriction: >= netstandard2.0
      Microsoft.CodeAnalysis.Common (4.1) - restriction: >= netstandard2.0
      Microsoft.CodeAnalysis.CSharp (4.1) - restriction: >= netstandard2.0
      Microsoft.CodeAnalysis.Scripting.Common (4.1) - restriction: >= netstandard2.0
      Microsoft.CSharp (>= 4.7) - restriction: >= netstandard2.0
    Microsoft.CodeAnalysis.Scripting.Common (4.1) - restriction: >= netstandard2.0
      Microsoft.CodeAnalysis.Common (4.1) - restriction: >= netstandard2.0
    Microsoft.CSharp (4.7) - restriction: >= netstandard2.0
    Microsoft.NETCore.Platforms (6.0.2) - restriction: || (&& (< monoandroid) (< net45) (< netcoreapp3.1) (>= netstandard2.0) (< win8) (< wpa81) (< xamarinios) (< xamarinmac) (< xamarintvos) (< xamarinwatchos)) (&& (< monoandroid) (< net45) (< netstandard1.2) (>= netstandard2.0) (< win8)) (&& (< monoandroid) (< net45) (< netstandard1.3) (>= netstandard2.0) (< win8) (< wpa81)) (&& (< monoandroid) (< net45) (< netstandard1.5) (>= netstandard2.0) (< win8) (< wpa81)) (&& (>= netcoreapp2.0) (< netcoreapp2.1)) (&& (>= netcoreapp2.1) (< netcoreapp3.0))
    Microsoft.NETCore.Targets (5.0) - restriction: || (&& (< monoandroid) (< net45) (< netcoreapp3.1) (>= netstandard2.0) (< win8) (< wpa81) (< xamarinios) (< xamarinmac) (< xamarintvos) (< xamarinwatchos)) (&& (< monoandroid) (< net45) (< netstandard1.2) (>= netstandard2.0) (< win8)) (&& (< monoandroid) (< net45) (< netstandard1.3) (>= netstandard2.0) (< win8) (< wpa81)) (&& (< monoandroid) (< net45) (< netstandard1.5) (>= netstandard2.0) (< win8) (< wpa81))
    Microsoft.Win32.SystemEvents (6.0) - restriction: >= netcoreapp3.1
    SkiaSharp (2.88.0-preview.232) - restriction: >= netstandard2.0
      SkiaSharp.NativeAssets.Android (>= 2.88.0-preview.232) - restriction: || (&& (>= monoandroid) (< netstandard1.3)) (>= net6.0-android)
      SkiaSharp.NativeAssets.iOS (>= 2.88.0-preview.232) - restriction: >= xamarinios
      SkiaSharp.NativeAssets.macOS (>= 2.88.0-preview.232) - restriction: || (&& (< monoandroid) (>= netstandard1.3) (< netstandard2.0) (< uap10.1) (< xamarintvos) (< xamarinwatchos)) (>= net462) (&& (< net6.0-android) (>= netstandard2.0) (< xamarinios) (< xamarintvos) (< xamarinwatchos)) (>= xamarinmac)
      SkiaSharp.NativeAssets.tvOS (>= 2.88.0-preview.232) - restriction: >= xamarintvos
      SkiaSharp.NativeAssets.watchOS (>= 2.88.0-preview.232) - restriction: >= xamarinwatchos
      SkiaSharp.NativeAssets.Win32 (>= 2.88.0-preview.232) - restriction: || (&& (< monoandroid) (>= netstandard1.3) (< netstandard2.0) (< uap10.1) (< xamarintvos) (< xamarinwatchos)) (>= net462) (&& (< net6.0-android) (>= netstandard2.0) (< xamarinios) (< xamarinmac) (< xamarintvos) (< xamarinwatchos))
      System.Memory (>= 4.5.3) - restriction: || (&& (< monoandroid) (>= netstandard1.3) (< netstandard2.0) (< xamarintvos) (< xamarinwatchos)) (>= net462) (&& (< net6.0-android) (>= netstandard2.0) (< xamarinios) (< xamarinmac) (< xamarintvos) (< xamarinwatchos)) (>= tizen4.0) (>= uap10.1)
    SkiaSharp.NativeAssets.Android (2.88.0-preview.232) - restriction: || (&& (>= monoandroid) (< netstandard1.3) (>= netstandard2.0)) (>= net6.0-android)
    SkiaSharp.NativeAssets.iOS (2.88.0-preview.232) - restriction: >= xamarinios
    SkiaSharp.NativeAssets.Linux (2.88.0-preview.232) - restriction: >= netstandard2.0
      SkiaSharp (>= 2.88.0-preview.232) - restriction: >= netstandard1.3
    SkiaSharp.NativeAssets.macOS (2.88.0-preview.232) - restriction: || (&& (>= net462) (>= netstandard2.0)) (&& (< net6.0-android) (>= netstandard2.0) (< xamarinios) (< xamarintvos) (< xamarinwatchos)) (>= xamarinmac)
    SkiaSharp.NativeAssets.tvOS (2.88.0-preview.232) - restriction: && (>= netstandard2.0) (>= xamarintvos)
    SkiaSharp.NativeAssets.watchOS (2.88.0-preview.232) - restriction: && (>= netstandard2.0) (>= xamarinwatchos)
    SkiaSharp.NativeAssets.WebAssembly (2.88.0-preview.232) - restriction: >= netstandard2.0
    SkiaSharp.NativeAssets.Win32 (2.88.0-preview.232) - restriction: || (&& (>= net462) (>= netstandard2.0)) (&& (< net6.0-android) (>= netstandard2.0) (< xamarinios) (< xamarinmac) (< xamarintvos) (< xamarinwatchos))
    System.Buffers (4.5.1) - restriction: || (&& (>= monoandroid) (< netstandard1.1) (>= netstandard2.0)) (&& (< monoandroid) (< netstandard1.1) (>= netstandard2.0) (< win8)) (&& (>= monotouch) (>= netstandard2.0)) (&& (< net45) (< netcoreapp2.0) (>= netstandard2.0)) (&& (>= net461) (>= netstandard2.0)) (&& (< netstandard1.1) (>= netstandard2.0) (>= win8)) (&& (>= netstandard2.0) (>= xamarintvos)) (&& (>= netstandard2.0) (>= xamarinwatchos)) (>= xamarinios) (>= xamarinmac)
    System.Collections.Immutable (6.0) - restriction: >= netstandard2.0
      System.Memory (>= 4.5.4) - restriction: || (>= net461) (&& (< net6.0) (>= netstandard2.0))
      System.Runtime.CompilerServices.Unsafe (>= 6.0) - restriction: || (>= net461) (>= netstandard2.0)
    System.ComponentModel.Annotations (5.0) - restriction: >= netstandard2.0
    System.Drawing.Common (6.0) - restriction: >= netstandard2.0
      Microsoft.Win32.SystemEvents (>= 6.0) - restriction: >= netcoreapp3.1
    System.Memory (4.5.4) - restriction: >= netstandard2.0
      System.Buffers (>= 4.5.1) - restriction: || (&& (>= monoandroid) (< netstandard1.1)) (&& (< monoandroid) (< net45) (>= netstandard1.1) (< netstandard2.0) (< win8) (< wpa81)) (&& (< monoandroid) (< netstandard1.1) (>= portable-net45+win8+wpa81) (< win8)) (>= monotouch) (&& (>= net45) (< netstandard2.0)) (&& (< net45) (< netcoreapp2.0) (>= netstandard2.0)) (>= net461) (&& (< netstandard1.1) (>= win8)) (&& (< netstandard2.0) (< uap10.1) (>= wpa81)) (>= xamarinios) (>= xamarinmac) (>= xamarintvos) (>= xamarinwatchos)
      System.Numerics.Vectors (>= 4.4) - restriction: && (< net45) (< netcoreapp2.0) (>= netstandard2.0) (< xamarinios) (< xamarinmac) (< xamarintvos) (< xamarinwatchos)
      System.Numerics.Vectors (>= 4.5) - restriction: >= net461
      System.Runtime.CompilerServices.Unsafe (>= 4.5.3) - restriction: || (&& (>= monoandroid) (< netstandard1.1)) (&& (< monoandroid) (< net45) (>= netstandard1.1) (< netstandard2.0) (< win8) (< wpa81)) (&& (< monoandroid) (>= netcoreapp2.0) (< netcoreapp2.1)) (&& (< monoandroid) (< netstandard1.1) (>= portable-net45+win8+wpa81) (< win8)) (>= monotouch) (&& (>= net45) (< netstandard2.0)) (&& (< net45) (< netcoreapp2.0) (>= netstandard2.0)) (>= net461) (&& (< netstandard1.1) (>= win8)) (&& (< netstandard2.0) (>= wpa81)) (>= uap10.1) (>= xamarinios) (>= xamarinmac) (>= xamarintvos) (>= xamarinwatchos)
    System.Numerics.Vectors (4.5) - restriction: >= netstandard2.0
    System.Reactive (5.0) - restriction: >= netstandard2.0
      System.Runtime.InteropServices.WindowsRuntime (>= 4.3) - restriction: && (< net472) (< netcoreapp3.1) (>= netstandard2.0)
      System.Threading.Tasks.Extensions (>= 4.5.4) - restriction: || (>= net472) (&& (< netcoreapp3.1) (>= netstandard2.0)) (>= uap10.1)
    System.Reflection.Emit (4.7) - restriction: >= netstandard2.0
      System.Reflection.Emit.ILGeneration (>= 4.7) - restriction: || (&& (< monoandroid) (< monotouch) (< net45) (>= netstandard1.1) (< netstandard2.0) (< win8) (< wpa81) (< xamarintvos) (< xamarinwatchos)) (&& (< monoandroid) (< net45) (< netcoreapp2.0) (>= netstandard2.0) (< netstandard2.1) (< xamarintvos) (< xamarinwatchos)) (&& (< monoandroid) (< netstandard1.1) (>= portable-net45+win8+wpa81) (< win8)) (&& (< netstandard1.1) (>= win8)) (&& (< netstandard2.0) (>= wpa81)) (>= uap10.1)
    System.Reflection.Emit.ILGeneration (4.7) - restriction: || (&& (< monoandroid) (< net45) (< netcoreapp2.0) (>= netstandard2.0) (< netstandard2.1) (< xamarintvos) (< xamarinwatchos)) (&& (< monoandroid) (< netstandard1.1) (>= netstandard2.0) (< win8)) (&& (< netstandard1.1) (>= netstandard2.0) (>= win8)) (&& (>= netstandard2.0) (>= uap10.1))
    System.Reflection.Metadata (6.0.1) - restriction: >= netstandard2.0
      System.Collections.Immutable (>= 6.0) - restriction: || (>= net461) (>= netstandard2.0)
    System.Runtime (4.3.1) - restriction: && (< monoandroid) (< net45) (< netcoreapp3.1) (>= netstandard2.0) (< win8) (< wpa81) (< xamarinios) (< xamarinmac) (< xamarintvos) (< xamarinwatchos)
      Microsoft.NETCore.Platforms (>= 1.1.1) - restriction: || (&& (< monoandroid) (< net45) (>= netstandard1.0) (< netstandard1.2) (< win8) (< wp8)) (&& (< monoandroid) (< net45) (>= netstandard1.2) (< netstandard1.3) (< win8) (< wpa81)) (&& (< monoandroid) (< net45) (>= netstandard1.3) (< netstandard1.5) (< win8) (< wpa81)) (&& (< monotouch) (< net45) (>= netstandard1.5) (< win8) (< wpa81) (< xamarinios) (< xamarinmac) (< xamarintvos) (< xamarinwatchos))
      Microsoft.NETCore.Targets (>= 1.1.3) - restriction: || (&& (< monoandroid) (< net45) (>= netstandard1.0) (< netstandard1.2) (< win8) (< wp8)) (&& (< monoandroid) (< net45) (>= netstandard1.2) (< netstandard1.3) (< win8) (< wpa81)) (&& (< monoandroid) (< net45) (>= netstandard1.3) (< netstandard1.5) (< win8) (< wpa81)) (&& (< monotouch) (< net45) (>= netstandard1.5) (< win8) (< wpa81) (< xamarinios) (< xamarinmac) (< xamarintvos) (< xamarinwatchos))
    System.Runtime.CompilerServices.Unsafe (6.0) - restriction: || (&& (< monoandroid) (>= netcoreapp2.0) (< netcoreapp2.1)) (>= netstandard2.0)
    System.Runtime.InteropServices.RuntimeInformation (4.3) - restriction: && (>= net461) (>= netstandard2.0)
    System.Runtime.InteropServices.WindowsRuntime (4.3) - restriction: && (< net472) (< netcoreapp3.1) (>= netstandard2.0)
      System.Runtime (>= 4.3) - restriction: && (< monoandroid) (< monotouch) (< net45) (>= netstandard1.0) (< win8) (< wp8) (< wpa81) (< xamarinios) (< xamarinmac) (< xamarintvos) (< xamarinwatchos)
    System.Security.Principal.Windows (5.0) - restriction: >= netstandard2.0
      Microsoft.NETCore.Platforms (>= 5.0) - restriction: || (&& (>= netcoreapp2.0) (< netcoreapp2.1)) (&& (>= netcoreapp2.1) (< netcoreapp3.0))
    System.Text.Encoding.CodePages (6.0) - restriction: >= netstandard2.0
      System.Memory (>= 4.5.4) - restriction: || (>= net461) (&& (< netcoreapp3.1) (>= netstandard2.0))
      System.Runtime.CompilerServices.Unsafe (>= 6.0) - restriction: || (>= net461) (>= netstandard2.0)
    System.Threading.Tasks.Extensions (4.5.4) - restriction: >= netstandard2.0
      System.Runtime.CompilerServices.Unsafe (>= 4.5.3) - restriction: || (&& (< monoandroid) (< monotouch) (< net45) (>= netstandard1.0) (< netstandard2.0) (< win8) (< wpa81) (< xamarintvos) (< xamarinwatchos)) (&& (< monoandroid) (< netstandard1.0) (>= portable-net45+win8+wp8+wpa81) (< win8)) (&& (>= net45) (< netstandard2.0)) (&& (< net45) (< netcoreapp2.1) (>= netstandard2.0) (< xamarinios) (< xamarinmac) (< xamarintvos) (< xamarinwatchos)) (>= net461) (&& (< netstandard1.0) (>= win8)) (&& (< netstandard2.0) (>= wpa81)) (>= wp8)
    System.ValueTuple (4.5) - restriction: >= netstandard2.0
    Tmds.DBus (0.10.1) - restriction: >= netstandard2.0
      System.Reflection.Emit (>= 4.7) - restriction: >= netstandard2.0
      System.Security.Principal.Windows (>= 4.7) - restriction: >= netstandard2.0
